NUGET
  remote: https://www.nuget.org/api/v2
  specs:
    FAKE (4.17.1)
    MonoGame.Framework.WindowsDX (3.4.0.459)
