NUGET
  remote: https://www.nuget.org/api/v2
  specs:
    FAKE (4.22.6)
    MonoGame.Framework.WindowsDX (3.5.0.1678)
