NUGET
  remote: https://www.nuget.org/api/v2
  specs:
    MonoGame.Framework.WindowsDX (3.4.0.459)
